PATH
  remote: .
  specs:
    sumo_control (0.0.9)
      faraday
      json

GEM
  remote: https://rubygems.org/
  specs:
    columnize (0.3.6)
    diff-lcs (1.2.4)
    faraday (0.8.8)
      multipart-post (~> 1.2.0)
    json (1.8.1)
    linecache (0.46)
      rbx-require-relative (> 0.0.4)
    multipart-post (1.2.0)
    rake (10.1.0)
    rbx-require-relative (0.0.9)
    rspec (2.14.1)
      rspec-core (~> 2.14.0)
      rspec-expectations (~> 2.14.0)
      rspec-mocks (~> 2.14.0)
    rspec-core (2.14.6)
    rspec-expectations (2.14.3)
      diff-lcs (>= 1.1.3, < 2.0)
    rspec-mocks (2.14.4)
    ruby-debug (0.10.4)
      columnize (>= 0.1)
      ruby-debug-base (~> 0.10.4.0)
    ruby-debug-base (0.10.4)
      linecache (>= 0.3)
    vcr (2.6.0)

PLATFORMS
  ruby

DEPENDENCIES
  bundler (~> 1.3)
  rake
  rspec
  ruby-debug
  sumo_control!
  vcr
